GEM
  remote: http://rubygems.org/
  specs:
    domain_name (0.5.25)
      unf (>= 0.0.5, < 1.0.0)
    faraday (0.9.2)
      multipart-post (>= 1.2, < 3)
    faraday-cookie_jar (0.0.6)
      faraday (>= 0.7.4)
      http-cookie (~> 1.0.0)
    http-cookie (1.0.2)
      domain_name (~> 0.5)
    mini_portile (0.6.0)
    multipart-post (2.0.0)
    nokogiri (1.6.3.1)
      mini_portile (= 0.6.0)
    unf (0.1.4)
      unf_ext
    unf_ext (0.0.7.1)

PLATFORMS
  ruby

DEPENDENCIES
  faraday (~> 0.9)
  faraday-cookie_jar
  nokogiri (= 1.6.3.1)
